PATH
  remote: .
  specs:
    fluent-plugin-sentinel (0.1)

GEM
  remote: https://rubygems.org/
  specs:
    rake (12.3.3)

PLATFORMS
  x64-mingw32

DEPENDENCIES
  fluent-plugin-sentinel!
  rake (~> 12.0)

BUNDLED WITH
   2.1.4
